GEM
  remote: https://rubygems.org/
  specs:
    addressable (2.3.2)
    faraday (0.7.6)
      addressable (~> 2.2)
      multipart-post (~> 1.1)
      rack (~> 1.5.4)
    json (2.1.0)
    multi_json (1.12.2)
    multipart-post (1.1.5)
    oauth2 (0.5.2)
      faraday (~> 0.7)
      multi_json (~> 1.0)
    rack (1.4.1)

PLATFORMS
  ruby

DEPENDENCIES
  json
  oauth2
